GEM
  remote: https://rubygems.org/
  specs:
    mixlib-shellout (1.3.0)

PLATFORMS
  ruby

DEPENDENCIES
  mixlib-shellout (~> 1.3)
